GIT
  remote: https://github.com/Virtualmaster/apiary-client.git
  revision: 043f2b046ecb2984faefc54afff73083d3839681
  specs:
    apiaryio (0.0.2)
      rack (~> 1.4.1)
      rest-client (~> 1.6.7)

GEM
  remote: https://rubygems.org/
  specs:
    json (1.7.5)
    mime-types (1.19)
    rack (1.4.1)
    rake (0.9.2.2)
    rest-client (1.6.7)
      mime-types (>= 1.16)

PLATFORMS
  ruby

DEPENDENCIES
  apiaryio!
  json
  rake
